GEM
  remote: https://rubygems.org/
  specs:
    ProcessPilot (2.0.0.20120301)
      rUtilAnts (>= 1.0)
    activesupport (4.1.4)
      i18n (~> 0.6, >= 0.6.9)
      json (~> 1.7, >= 1.7.7)
      minitest (~> 5.1)
      thread_safe (~> 0.1)
      tzinfo (~> 1.1)
    albacore (2.0.0.rc.12)
      ProcessPilot (~> 2.0)
      facter (~> 1.7)
      highline (~> 1.6)
      map (~> 6.5)
      nokogiri (~> 1.5)
      rake (> 10)
      semver2 (~> 3.3)
    build_number (0.1.1)
    facter (1.7.6)
    highline (1.6.21)
    i18n (0.6.11)
    json (1.8.1)
    map (6.5.4)
    mini_portile (0.6.0)
    minitest (5.4.0)
    nokogiri (1.6.3.1)
      mini_portile (= 0.6.0)
    nokogiri (1.6.3.1-x86-mingw32)
      mini_portile (= 0.6.0)
    physique (0.2.2)
      activesupport (~> 4.1)
      albacore (= 2.0.0.rc.12)
      map (~> 6.5)
    rUtilAnts (2.0.0.20130827)
    rake (10.3.2)
    semver2 (3.3.3)
    thread_safe (0.3.4)
    tzinfo (1.2.1)
      thread_safe (~> 0.1)

PLATFORMS
  x86-mingw32

DEPENDENCIES
  build_number (~> 0.1)
  physique (~> 0.2)
